GEM
  remote: http://rubygems.org/
  specs:
    ruby-fsevent (0.2.1)
    watchr (0.7)

PLATFORMS
  ruby

DEPENDENCIES
  ruby-fsevent
  watchr
